GEM
  remote: https://rubygems.org/
  specs:
    aws-sdk-core (2.2.26)
      jmespath (~> 1.0)
    citrus (3.0.2)
    diff-lcs (1.2.5)
    jmespath (1.1.3)
    rspec (3.4.0)
      rspec-core (~> 3.4.0)
      rspec-expectations (~> 3.4.0)
      rspec-mocks (~> 3.4.0)
    rspec-core (3.4.4)
      rspec-support (~> 3.4.0)
    rspec-expectations (3.4.0)
      diff-lcs (>= 1.2.0, < 2.0)
      rspec-support (~> 3.4.0)
    rspec-mocks (3.4.1)
      diff-lcs (>= 1.2.0, < 2.0)
      rspec-support (~> 3.4.0)
    rspec-support (3.4.1)
    thor (0.19.1)
    toml-rb (0.3.12)
      citrus (~> 3.0, > 3.0)

PLATFORMS
  ruby

DEPENDENCIES
  aws-sdk-core (~> 2.2)
  rspec (~> 3.4)
  thor (~> 0.19)
  toml-rb (~> 0.3.10)
