GEM
  remote: https://rubygems.org/
  specs:
    aws-sdk-core (2.2.24)
      jmespath (~> 1.0)
    citrus (3.0.2)
    jmespath (1.1.3)
    thor (0.19.1)
    toml-rb (0.3.10)
      citrus (~> 3.0, > 3.0)

PLATFORMS
  ruby

DEPENDENCIES
  aws-sdk-core (~> 2.2)
  thor (~> 0.19)
  toml-rb (~> 0.3.10)
