GEM
  remote: https://rubygems.org/
  specs:
    aws-sdk-core (2.2.24)
      jmespath (~> 1.0)
    jmespath (1.1.3)
    thor (0.19.1)

PLATFORMS
  ruby

DEPENDENCIES
  aws-sdk-core (~> 2.2)
  thor (~> 0.19)
